GEM
  remote: https://rubygems.org/
  specs:
    rack (2.2.4)
    warden (1.2.9)
      rack (>= 2.0.9)
    webrick (1.7.0)

PLATFORMS
  x86_64-darwin-21

DEPENDENCIES
  rack (~> 2.2, >= 2.2.4)
  warden (~> 1.2, >= 1.2.9)
  webrick (~> 1.7)

BUNDLED WITH
   2.3.7
