GEM
  remote: https://rubygems.org/
  specs:
    coderay (1.1.3)
    method_source (1.0.0)
    pry (0.14.1)
      coderay (~> 1.1)
      method_source (~> 1.0)
    rack (2.2.4)
    warden (1.2.9)
      rack (>= 2.0.9)
    webrick (1.7.0)

PLATFORMS
  x86_64-darwin-21

DEPENDENCIES
  pry (~> 0.14.1)
  rack (~> 2.2, >= 2.2.4)
  warden (~> 1.2, >= 1.2.9)
  webrick (~> 1.7)

BUNDLED WITH
   2.3.7
